GEM
  remote: https://rubygems.org/
  specs:
    actionmailer (2.3.5)
      actionpack (= 2.3.5)
    actionpack (2.3.5)
      activesupport (= 2.3.5)
      rack (~> 1.0.0)
    activerecord (2.3.5)
      activesupport (= 2.3.5)
    activeresource (2.3.5)
      activesupport (= 2.3.5)
    activesupport (2.3.5)
    ajaxful_rating (2.2.8.2)
    authlogic (2.1.6)
      activesupport
    calendar_date_select (1.16.2)
    hashie (2.0.4)
    httmultiparty (0.3.10)
      httparty (>= 0.7.3)
      multipart-post
    httparty (0.11.0)
      multi_json (~> 1.0)
      multi_xml (>= 0.5.2)
    i18n (0.4.0)
    json (1.4.0)
    mogli (0.0.44)
      hashie (>= 1.1.0)
      httmultiparty (>= 0.3.6)
      httparty (>= 0.4.3)
      multi_json (>= 1.0.3, < 1.4)
    multi_json (1.3.7)
    multi_xml (0.5.3)
    multipart-post (1.2.0)
    mysql (2.8.1)
    paper_trail (1.6.5)
      actionpack (~> 2.3)
      activerecord (~> 2.3)
    rack (1.0.1)
    rails (2.3.5)
      actionmailer (= 2.3.5)
      actionpack (= 2.3.5)
      activerecord (= 2.3.5)
      activeresource (= 2.3.5)
      activesupport (= 2.3.5)
      rake (>= 0.8.3)
    rake (10.0.4)
    ruby-hmac (0.4.0)
    ruby-openid (2.0.4)
    will_paginate (2.3.15)

PLATFORMS
  ruby

DEPENDENCIES
  ajaxful_rating (= 2.2.8.2)
  authlogic (= 2.1.6)
  calendar_date_select (= 1.16.2)
  i18n (= 0.4.0)
  json (= 1.4.0)
  mogli (= 0.0.44)
  mysql (= 2.8.1)
  paper_trail (~> 1)
  rails (= 2.3.5)
  ruby-hmac (= 0.4.0)
  ruby-openid (~> 2.0.4)
  will_paginate (= 2.3.15)
