PATH
  remote: .
  specs:
    paper_trail (1.6.5)
      actionpack (~> 2.3)
      activerecord (~> 2.3)

GEM
  remote: http://rubygems.org/
  specs:
    actionpack (2.3.10)
      activesupport (= 2.3.10)
      rack (~> 1.1.0)
    activerecord (2.3.10)
      activesupport (= 2.3.10)
    activesupport (2.3.10)
    rack (1.1.0)
    rake (0.8.7)
    shoulda (2.10.3)
    sqlite3-ruby (1.3.1)

PLATFORMS
  ruby

DEPENDENCIES
  actionpack (~> 2.3)
  activerecord (~> 2.3)
  activesupport (~> 2.3)
  bundler (~> 1.0)
  paper_trail!
  rake (= 0.8.7)
  shoulda (= 2.10.3)
  sqlite3-ruby (~> 1.2)
